PATH
  remote: ../gem
  specs:
    nitty_mail (0.1.0)
      net-imap (~> 0.2)

GEM
  remote: https://rubygems.org/
  specs:
    ast (2.4.3)
    chroma-db (0.8.2)
      dry-monads (~> 1.6)
      ruby-next (~> 1.0, >= 1.0.3)
      zeitwerk (~> 2.6.0)
    concurrent-ruby (1.3.5)
    date (3.4.1)
    diff-lcs (1.6.2)
    dry-core (1.1.0)
      concurrent-ruby (~> 1.0)
      logger
      zeitwerk (~> 2.6)
    dry-monads (1.9.0)
      concurrent-ruby (~> 1.0)
      dry-core (~> 1.1)
      zeitwerk (~> 2.6)
    logger (1.7.0)
    net-imap (0.5.10)
      date
      net-protocol
    net-protocol (0.2.2)
      timeout
    paco (0.2.3)
    parser (3.3.9.0)
      ast (~> 2.4.1)
      racc
    racc (1.8.1)
    require-hooks (0.2.2)
    ruby-next (1.1.2)
      paco (~> 0.2)
      require-hooks (~> 0.2)
      ruby-next-core (= 1.1.2)
      ruby-next-parser (>= 3.4.0.2)
      unparser (~> 0.6.0)
    ruby-next-core (1.1.2)
    ruby-next-parser (3.4.0.2)
      parser (>= 3.0.3.1)
    thor (1.4.0)
    timeout (0.4.3)
    unparser (0.6.15)
      diff-lcs (~> 1.3)
      parser (>= 3.3.0)
    zeitwerk (2.6.18)

PLATFORMS
  ruby
  x86_64-linux

DEPENDENCIES
  chroma-db
  nitty_mail!
  thor

BUNDLED WITH
   2.6.8
