GEM
  remote: https://rubygems.org/
  specs:
    debug (1.6.2)
      irb (>= 1.3.6)
      reline (>= 0.3.1)
    dotenv (2.8.1)
    io-console (0.5.11)
    irb (1.4.1)
      reline (>= 0.3.0)
    mail (2.7.1)
      mini_mime (>= 0.1.1)
    mini_mime (1.1.2)
    net-imap (0.3.1)
      net-protocol
    net-pop (0.1.2)
      net-protocol
    net-protocol (0.1.3)
      timeout
    net-smtp (0.3.2)
      net-protocol
    reline (0.3.1)
      io-console (~> 0.5)
    sequel (5.60.1)
    sqlite3 (1.5.0-x86_64-linux)
    timeout (0.3.0)

PLATFORMS
  x86_64-linux

DEPENDENCIES
  debug
  dotenv
  mail
  net-imap
  net-pop
  net-smtp
  sequel
  sqlite3

BUNDLED WITH
   2.3.21
